GEM
  remote: http://rubygems.org/
  specs:
    diff-lcs (1.1.2)
    hpricot (0.8.4)
    markup_validity (1.1.0)
      nokogiri (>= 1.3.1)
    nokogiri (1.4.4)
    raakt (0.5.6)
      hpricot (>= 0.6)
    rspec (2.6.0)
      rspec-core (~> 2.6.0)
      rspec-expectations (~> 2.6.0)
      rspec-mocks (~> 2.6.0)
    rspec-core (2.6.0)
    rspec-expectations (2.6.0)
      diff-lcs (~> 1.1.2)
    rspec-mocks (2.6.0)

PLATFORMS
  ruby

DEPENDENCIES
  markup_validity
  raakt
  rspec
